PATH
  remote: .
  specs:
    dbz-agg (0.1.0)
      ruby-kafka

GEM
  remote: https://rubygems.org/
  specs:
    coderay (1.1.2)
    digest-crc (0.4.1)
    method_source (0.9.2)
    minitest (5.12.2)
    pry (0.12.2)
      coderay (~> 1.1.0)
      method_source (~> 0.9.0)
    rake (13.0.1)
    ruby-kafka (0.7.10)
      digest-crc

PLATFORMS
  ruby

DEPENDENCIES
  bundler (~> 1.17)
  dbz-agg!
  minitest (~> 5.0)
  pry
  rake (~> 13.0)

BUNDLED WITH
   1.17.2
